REDIRECTS: ON
FRAMEWORK: >= NET45
NUGET
  remote: https://www.nuget.org/api/v2
    FAKE (4.28)
    FSharp.Core (4.0.0.1)
    FSharp.Data (2.3)
    Newtonsoft.Json (8.0.3)
    NUnit (2.6.4)
    NUnit.Runners (2.6.4)
    Saithe (2.0.1)
      FSharp.Core
      Newtonsoft.Json
    With (2.0)
