FRAMEWORK: >= NET45
NUGET
  remote: https://www.nuget.org/api/v2
  specs:
    FSharp.Core (4.0.0.1)
    FSharp.Data (2.2.5)
    Newtonsoft.Json (8.0.2)
    NUnit (2.6.4)
    protobuf-net (2.0.0.668)
    With (1.0.8)
